GEM
  remote: https://rubygems.org/
  specs:
    bitbucket_rest_api (0.1.4)
      faraday (~> 0.8.1)
      faraday_middleware (~> 0.9.0)
      hashie (~> 2.0.5)
      multi_json (~> 1.3)
      nokogiri (~> 1.5.2)
      simple_oauth
    faraday (0.8.8)
      multipart-post (~> 1.2.0)
    faraday_middleware (0.9.0)
      faraday (>= 0.7.4, < 0.9)
    hashie (2.0.5)
    hipchat (0.12.0)
      httparty
    httparty (0.11.0)
      multi_json (~> 1.0)
      multi_xml (>= 0.5.2)
    multi_json (1.8.0)
    multi_xml (0.5.5)
    multipart-post (1.2.0)
    nokogiri (1.5.10)
    simple_oauth (0.2.0)

PLATFORMS
  ruby

DEPENDENCIES
  bitbucket_rest_api
  hipchat
